PATH
  remote: .
  specs:
    tembed (0.0.1)

GEM
  remote: https://rubygems.org/
  specs:
    rake (11.2.2)
    rake-compiler (1.0.1)
      rake

PLATFORMS
  ruby

DEPENDENCIES
  rake-compiler
  tembed!

BUNDLED WITH
   1.11.2
